GEM
  remote: https://rubygems.org/
  specs:
    gosu (0.8.7.2)
    metaclass (0.0.4)
    minitest (5.4.3)
    mocha (1.1.0)
      metaclass (~> 0.0.1)
    narray (0.6.1.1)
    rb-gsl (1.16.0.4)
      narray (>= 0.5.9)
    texplay (0.4.4.pre)
      gosu (>= 0.7.25)

PLATFORMS
  ruby

DEPENDENCIES
  gosu
  minitest
  mocha
  rb-gsl
  texplay (>= 0.4.4.pre)
