GEM
  remote: https://rubygems.org/
  specs:
    ffi (1.9.8)
    metaclass (0.0.4)
    minitest (5.4.3)
    mocha (1.1.0)
      metaclass (~> 0.0.1)
    narray (0.6.1.1)
    nice-ffi (0.4)
      ffi (>= 0.5.0)
    rake (10.4.2)
    rb-gsl (1.16.0.4)
      narray (>= 0.5.9)
    ruby-sdl-ffi (0.4)
      nice-ffi (>= 0.2)
    rubygame (2.6.4)
      rake (>= 0.7.0)
      ruby-sdl-ffi (>= 0.1.0)

PLATFORMS
  ruby

DEPENDENCIES
  minitest
  mocha
  rb-gsl
  rubygame
